GEM
  remote: https://rubygems.org/
  specs:
    bson (3.0.2)
    jsmin (1.0.1)
    mongo (2.0.2)
      bson (~> 3.0)
    rack (1.6.0)
    rack-protection (1.5.3)
      rack
    rack-test (0.6.3)
      rack (>= 1.0)
    sinatra (1.4.6)
      rack (~> 1.4)
      rack-protection (~> 1.4)
      tilt (>= 1.3, < 3)
    sinatra-assetpack (0.3.3)
      jsmin
      rack-test
      sinatra
      tilt (>= 1.3.0, < 2.0)
    tilt (1.4.1)

PLATFORMS
  ruby

DEPENDENCIES
  bson
  mongo
  sinatra
  sinatra-assetpack
  tilt (< 2.0)
